PATH
  remote: .
  specs:
    sg (0.2.0)
      matrix
      rake (~> 13.0.0)
      unicode-display_width (~> 2.5.0)
      unicode-emoji (~> 3.4.0)
      webrick

GEM
  remote: https://rubygems.org/
  specs:
    diff-lcs (1.5.1)
    docile (1.4.1)
    json (2.7.2)
    matrix (0.4.2)
    psych (5.1.2)
      stringio
    rake (13.0.6)
    rdoc (6.5.1.1)
      psych (>= 4.0.0)
    rspec (3.12.0)
      rspec-core (~> 3.12.0)
      rspec-expectations (~> 3.12.0)
      rspec-mocks (~> 3.12.0)
    rspec-core (3.12.3)
      rspec-support (~> 3.12.0)
    rspec-expectations (3.12.4)
      diff-lcs (>= 1.2.0, < 2.0)
      rspec-support (~> 3.12.0)
    rspec-mocks (3.12.7)
      diff-lcs (>= 1.2.0, < 2.0)
      rspec-support (~> 3.12.0)
    rspec-support (3.12.2)
    simplecov (0.22.0)
      docile (~> 1.1)
      simplecov-html (~> 0.11)
      simplecov_json_formatter (~> 0.1)
    simplecov-html (0.12.3)
    simplecov_json_formatter (0.1.4)
    stringio (3.1.1)
    unicode-display_width (2.5.0)
    unicode-emoji (3.4.0)
      unicode-version (~> 1.0)
    unicode-version (1.4.0)
    webrick (1.8.1)

PLATFORMS
  aarch64-linux-android
  x86_64-linux

DEPENDENCIES
  json
  rdoc (~> 6.5.0)
  rspec (~> 3.12.0)
  sg!
  simplecov (~> 0.22.0)

BUNDLED WITH
   2.5.9
