PATH
  remote: .
  specs:
    sg (0.2.0)
      base64
      ffi
      matrix
      ostruct (= 0.6.0)
      rake (~> 13.0.0)
      unicode-display_width (~> 2.5.0)
      unicode-emoji (~> 3.4.0)
      webrick

GEM
  remote: https://rubygems.org/
  specs:
    base64 (0.2.0)
    bindata (2.5.0)
    date (3.4.1)
    diff-lcs (1.6.0)
    docile (1.4.1)
    ffi (1.17.1)
    ffi (1.17.1-x86_64-linux-gnu)
    matrix (0.4.2)
    ostruct (0.6.0)
    psych (5.2.3)
      date
      stringio
    rake (13.0.6)
    rdoc (6.5.1.1)
      psych (>= 4.0.0)
    rspec (3.12.0)
      rspec-core (~> 3.12.0)
      rspec-expectations (~> 3.12.0)
      rspec-mocks (~> 3.12.0)
    rspec-core (3.12.3)
      rspec-support (~> 3.12.0)
    rspec-expectations (3.12.4)
      diff-lcs (>= 1.2.0, < 2.0)
      rspec-support (~> 3.12.0)
    rspec-mocks (3.12.7)
      diff-lcs (>= 1.2.0, < 2.0)
      rspec-support (~> 3.12.0)
    rspec-support (3.12.2)
    simplecov (0.22.0)
      docile (~> 1.1)
      simplecov-html (~> 0.11)
      simplecov_json_formatter (~> 0.1)
    simplecov-html (0.13.1)
    simplecov_json_formatter (0.1.4)
    stringio (3.1.5)
    unicode-display_width (2.5.0)
    unicode-emoji (3.4.0)
      unicode-version (~> 1.0)
    unicode-version (1.4.0)
    webrick (1.9.1)
    yard (0.9.37)

PLATFORMS
  aarch64-linux-android
  x86_64-linux

DEPENDENCIES
  bindata
  rdoc (~> 6.5.0)
  rspec (~> 3.12.0)
  sg!
  simplecov (~> 0.22.0)
  yard
