PATH
  remote: .
  specs:
    sg (0.1.0)
      rake (~> 13.0.0)
      unicode-display_width (~> 2.5.0)
      unicode-emoji (~> 3.4.0)

GEM
  remote: https://rubygems.org/
  specs:
    diff-lcs (1.5.0)
    psych (5.1.1.1)
      stringio
    rake (13.0.6)
    rdoc (6.5.0)
      psych (>= 4.0.0)
    rspec (3.12.0)
      rspec-core (~> 3.12.0)
      rspec-expectations (~> 3.12.0)
      rspec-mocks (~> 3.12.0)
    rspec-core (3.12.2)
      rspec-support (~> 3.12.0)
    rspec-expectations (3.12.3)
      diff-lcs (>= 1.2.0, < 2.0)
      rspec-support (~> 3.12.0)
    rspec-mocks (3.12.6)
      diff-lcs (>= 1.2.0, < 2.0)
      rspec-support (~> 3.12.0)
    rspec-support (3.12.1)
    stringio (3.0.8)
    unicode-display_width (2.5.0)
    unicode-emoji (3.4.0)
      unicode-version (~> 1.0)
    unicode-version (1.3.0)

PLATFORMS
  aarch64-linux-android
  x86_64-linux

DEPENDENCIES
  rdoc (~> 6.5.0)
  rspec (~> 3.12.0)
  sg!

BUNDLED WITH
   2.4.15
