PATH
  remote: .
  specs:
    sg (0.1.0)
      rake
      unicode-display_width
      unicode-emoji

GEM
  remote: https://rubygems.org/
  specs:
    rake (13.0.6)
    unicode-display_width (2.5.0)
    unicode-emoji (3.4.0)
      unicode-version (~> 1.0)
    unicode-version (1.3.0)

PLATFORMS
  aarch64-linux-android

DEPENDENCIES
  sg!

BUNDLED WITH
   2.4.15
