PATH
  remote: .
  specs:
    sg (0.1.0)
      rake (~> 13.0.0)
      unicode-display_width (~> 2.5.0)
      unicode-emoji (~> 3.4.0)

GEM
  remote: https://rubygems.org/
  specs:
    psych (5.1.0)
      stringio
    rake (13.0.6)
    rdoc (6.5.0)
      psych (>= 4.0.0)
    stringio (3.0.8)
    unicode-display_width (2.5.0)
    unicode-emoji (3.4.0)
      unicode-version (~> 1.0)
    unicode-version (1.3.0)

PLATFORMS
  aarch64-linux-android

DEPENDENCIES
  rdoc (~> 6.5.0)
  sg!

BUNDLED WITH
   2.4.15
