PATH
  remote: .
  specs:
    sg (0.2.0)
      base64
      ffi
      matrix
      ostruct (= 0.6.0)
      rake (~> 13.0.0)
      unicode-display_width (~> 2.5.0)
      unicode-emoji (~> 3.4.0)
      webrick

GEM
  remote: https://rubygems.org/
  specs:
    base64 (0.3.0)
    bindata (2.5.1)
    date (3.4.1)
    diff-lcs (1.6.2)
    docile (1.4.1)
    ffi (1.17.2)
    ffi (1.17.2-x86_64-linux-gnu)
    matrix (0.4.3)
    org-ruby (0.9.12)
      rubypants (~> 0.2)
    ostruct (0.6.0)
    psych (5.2.6)
      date
      stringio
    rake (13.0.6)
    rdoc (6.5.1.1)
      psych (>= 4.0.0)
    rspec (3.12.0)
      rspec-core (~> 3.12.0)
      rspec-expectations (~> 3.12.0)
      rspec-mocks (~> 3.12.0)
    rspec-core (3.12.3)
      rspec-support (~> 3.12.0)
    rspec-expectations (3.12.4)
      diff-lcs (>= 1.2.0, < 2.0)
      rspec-support (~> 3.12.0)
    rspec-mocks (3.12.7)
      diff-lcs (>= 1.2.0, < 2.0)
      rspec-support (~> 3.12.0)
    rspec-support (3.12.2)
    rubypants (0.7.1)
    simplecov (0.22.0)
      docile (~> 1.1)
      simplecov-html (~> 0.11)
      simplecov_json_formatter (~> 0.1)
    simplecov-html (0.13.2)
    simplecov_json_formatter (0.1.4)
    stringio (3.1.7)
    unicode-display_width (2.5.0)
    unicode-emoji (3.4.0)
      unicode-version (~> 1.0)
    unicode-version (1.5.0)
    webrick (1.9.1)
    yard (0.9.37)

PLATFORMS
  aarch64-linux-android
  x86_64-linux

DEPENDENCIES
  bindata
  org-ruby
  rdoc (~> 6.5.0)
  rspec (~> 3.12.0)
  sg!
  simplecov (~> 0.22.0)
  yard

BUNDLED WITH
   2.7.1
